GEM
  remote: https://rubygems.org/
  specs:
    amatch (0.4.0)
      mize
      tins (~> 1.0)
    mize (0.4.0)
      protocol (~> 2.0)
    protocol (2.0.0)
      ruby_parser (~> 3.0)
    ruby_parser (3.15.0)
      sexp_processor (~> 4.9)
    sexp_processor (4.15.1)
    sync (0.5.0)
    tins (1.26.0)
      sync

PLATFORMS
  ruby

DEPENDENCIES
  amatch

BUNDLED WITH
   2.1.4
